GEM
  remote: http://rubygems.org/
  specs:
    em-redis (0.3.0)
      eventmachine
    eventmachine (0.12.10)
    redis (2.2.2)
    yajl-ruby (0.8.2)

PLATFORMS
  ruby

DEPENDENCIES
  em-redis (~> 0.3.0)
  eventmachine
  redis (~> 2.2.2)
  yajl-ruby (= 0.8.2)
